GEM
  remote: http://ruby.taobao.org/
  specs:
    aws-s3 (0.6.3)
      builder
      mime-types
      xml-simple
    builder (3.1.4)
    curb (0.8.3)
    mime-types (1.19)
    nokogiri (1.5.5)
    public_suffix (1.1.3)
    xml-simple (1.1.2)

PLATFORMS
  ruby

DEPENDENCIES
  aws-s3
  curb
  nokogiri
  public_suffix
