GEM
  remote: http://ruby.taobao.org/
  specs:
    aws-s3 (0.6.3)
      builder
      mime-types
      xml-simple
    bson (1.10.0)
    bson_ext (1.10.0)
      bson (~> 1.10.0)
    builder (3.2.2)
    curb (0.8.5)
    haml (4.0.5)
      tilt
    mime-types (2.2)
    mini_portile (0.5.3)
    mongo (1.10.0)
      bson (~> 1.10.0)
    nokogiri (1.6.1)
      mini_portile (~> 0.5.0)
    public_suffix (1.4.2)
    rack (1.5.2)
    rack-protection (1.5.3)
      rack
    shotgun (0.9)
      rack (>= 1.0)
    sinatra (1.4.5)
      rack (~> 1.4)
      rack-protection (~> 1.4)
      tilt (~> 1.3, >= 1.3.4)
    tilt (1.4.1)
    xml-simple (1.1.3)

PLATFORMS
  ruby

DEPENDENCIES
  aws-s3
  bson_ext
  curb
  haml
  mongo
  nokogiri
  public_suffix
  shotgun
  sinatra
