GEM
  remote: http://ruby.taobao.org/
  specs:
    curb (0.8.3)
    haml (3.1.7)
    rack (1.4.1)
    rack-protection (1.3.2)
      rack
    shotgun (0.9)
      rack (>= 1.0)
    sinatra (1.3.3)
      rack (~> 1.3, >= 1.3.6)
      rack-protection (~> 1.2)
      tilt (~> 1.3, >= 1.3.3)
    tilt (1.3.3)

PLATFORMS
  ruby

DEPENDENCIES
  curb
  haml
  shotgun
  sinatra
